GEM
  remote: https://rubygems.org/
  specs:
    CFPropertyList (2.2.8)
    activemodel (3.2.22)
      activesupport (= 3.2.22)
      builder (~> 3.0.0)
    activesupport (3.2.22)
      i18n (~> 0.6, >= 0.6.4)
      multi_json (~> 1.0)
    builder (3.0.4)
    consul-client (0.1.1)
    english (0.6.3)
      language
    facter (2.4.4)
      CFPropertyList (~> 2.2.6)
    faraday (0.9.1)
      multipart-post (>= 1.2, < 3)
    her (0.6.8)
      activemodel (>= 3.0.0)
      activesupport (>= 3.0.0)
      faraday (~> 0.8)
      multi_json (~> 1.7)
    hiera (3.0.1)
      json_pure
    highline (1.7.3)
    i18n (0.6.11)
    iniparse (1.4.1)
    json_pure (1.8.2)
    language (0.6.0)
    librarian-puppet (2.2.1)
      librarianp (>= 0.6.3)
      puppet_forge (~> 1.0)
      rsync
    librarianp (0.6.3)
      thor (~> 0.15)
    map (6.5.5)
    multi_json (1.11.2)
    multipart-post (2.0.0)
    puppet (4.2.1)
      facter (> 2.0, < 4)
      hiera (>= 2.0, < 4)
      json_pure
    puppet-lint (1.1.0)
    puppet_forge (1.0.5)
      her (~> 0.6.8)
    rake (10.4.2)
    rake-terraform (0.0.7)
      highline (~> 1.7)
      iniparse (~> 1.3)
      map (~> 6.5)
      rake (~> 10.0)
    rsync (1.0.9)
    rubyzip (1.1.7)
    thor (0.19.1)
    vagrant-wrapper (2.0.3)

PLATFORMS
  ruby

DEPENDENCIES
  consul-client
  english
  librarian-puppet
  puppet (>= 2.7)
  puppet-lint
  rake
  rake-terraform
  rubyzip
  vagrant-wrapper
